PATH
  remote: .
  specs:
    friday_gemini_ai (0.1.6)
      httparty (>= 0.21, < 0.24)

GEM
  remote: https://rubygems.org/
  specs:
    base64 (0.3.0)
    bigdecimal (3.3.1)
    bundler-audit (0.9.2)
      bundler (>= 1.2.0, < 3)
      thor (~> 1.0)
    csv (3.3.5)
    dotenv (2.8.1)
    httparty (0.23.2)
      csv
      mini_mime (>= 1.0.0)
      multi_xml (>= 0.5.2)
    mini_mime (1.1.5)
    minitest (5.26.0)
    mocha (2.7.1)
      ruby2_keywords (>= 0.0.5)
    multi_xml (0.7.1)
      bigdecimal (~> 3.1)
    rake (13.0.6)
    ruby2_keywords (0.0.5)
    thor (1.4.0)

PLATFORMS
  arm64-darwin-24
  ruby

DEPENDENCIES
  base64
  bigdecimal (~> 3.3)
  bundler-audit (~> 0.9)
  dotenv (~> 2.8)
  friday_gemini_ai!
  minitest (~> 5.0)
  mocha (~> 2.7)
  rake (~> 13.0.6)

BUNDLED WITH
   2.5.0
