PATH
  remote: .
  specs:
    friday_gemini_ai (0.1.5)
      httparty (~> 0.21.0)

GEM
  remote: https://rubygems.org/
  specs:
    bigdecimal (3.1.9)
    brakeman (6.2.2)
      racc
    bundler-audit (0.9.2)
      bundler (>= 1.2.0, < 3)
      thor (~> 1.0)
    dotenv (2.8.1)
    httparty (0.21.0)
      mini_mime (>= 1.0.0)
      multi_xml (>= 0.5.2)
    mini_mime (1.1.5)
    minitest (5.25.4)
    multi_xml (0.7.1)
      bigdecimal (~> 3.1)
    racc (1.8.1)
    rake (13.2.1)
    thor (1.3.2)

PLATFORMS
  arm64-darwin-24
  ruby

DEPENDENCIES
  bigdecimal (~> 3.1)
  brakeman (~> 6.0)
  bundler-audit (~> 0.9)
  dotenv (~> 2.8)
  friday_gemini_ai!
  minitest (~> 5.0)
  rake (~> 13.0)

BUNDLED WITH
   2.5.0