PATH
  remote: .
  specs:
    friday_gemini_ai (0.1.5)
      httparty (~> 0.21.0)

GEM
  remote: https://rubygems.org/
  specs:
    bigdecimal (3.2.2)
    dotenv (2.8.1)
    httparty (0.21.0)
      mini_mime (>= 1.0.0)
      multi_xml (>= 0.5.2)
    mini_mime (1.1.5)
    minitest (5.25.4)
    multi_xml (0.7.1)
      bigdecimal (~> 3.1)
    rake (13.2.1)

PLATFORMS
  arm64-darwin-24
  ruby

DEPENDENCIES
  bigdecimal (~> 3.2.2)
  bundler (>= 2.3.0)
  dotenv (~> 2.8)
  friday_gemini_ai!
  mini_mime (~> 1.1.5)
  minitest (~> 5.0)
  multi_xml (= 0.7.1)
  rake (~> 13.0)

BUNDLED WITH
   2.6.5
