PATH
  remote: .
  specs:
    friday_gemini_ai (0.1.6)
      httparty (>= 0.21, < 0.24)

GEM
  remote: https://rubygems.org/
  specs:
    addressable (2.8.7)
      public_suffix (>= 2.0.2, < 7.0)
    ansi (1.5.0)
    bigdecimal (3.2.3)
    builder (3.3.0)
    bundler-audit (0.9.2)
      bundler (>= 1.2.0, < 3)
      thor (~> 1.0)
    crack (1.0.0)
      bigdecimal
      rexml
    csv (3.3.5)
    dotenv (2.8.1)
    hashdiff (1.2.0)
    httparty (0.23.1)
      csv
      mini_mime (>= 1.0.0)
      multi_xml (>= 0.5.2)
    mini_mime (1.1.5)
    minitest (5.25.5)
    minitest-reporters (1.7.1)
      ansi
      builder
      minitest (>= 5.0)
      ruby-progressbar
    mocha (2.7.1)
      ruby2_keywords (>= 0.0.5)
    multi_xml (0.7.1)
      bigdecimal (~> 3.1)
    public_suffix (6.0.2)
    rake (13.0.6)
    rexml (3.4.2)
    ruby-progressbar (1.13.0)
    ruby2_keywords (0.0.5)
    thor (1.4.0)
    webmock (3.25.1)
      addressable (>= 2.8.0)
      crack (>= 0.3.2)
      hashdiff (>= 0.4.0, < 2.0.0)
    yard (0.9.37)

PLATFORMS
  arm64-darwin-24
  ruby

DEPENDENCIES
  bigdecimal (~> 3.2)
  bundler-audit (~> 0.9)
  dotenv (~> 2.8)
  friday_gemini_ai!
  minitest (~> 5.0)
  minitest-reporters (~> 1.7)
  mocha (~> 2.7)
  rake (~> 13.0.6)
  webmock (~> 3.19)
  yard (~> 0.9.34)

BUNDLED WITH
   2.5.0
