PATH
  remote: .
  specs:
    friday_gemini_ai (0.1.5)
      httparty (>= 0.21, < 0.24)

GEM
  remote: https://rubygems.org/
  specs:
    bigdecimal (3.2.2)
    csv (3.3.5)
    dotenv (2.8.1)
    httparty (0.23.1)
      csv
      mini_mime (>= 1.0.0)
      multi_xml (>= 0.5.2)
    mini_mime (1.1.5)
    minitest (5.25.4)
    multi_xml (0.7.1)
      bigdecimal (~> 3.1)
    rake (13.2.1)

PLATFORMS
  arm64-darwin-24
  ruby

DEPENDENCIES
  bigdecimal (~> 3.2)
  dotenv (~> 2.8)
  friday_gemini_ai!
  minitest (~> 5.0)
  rake (~> 13.0)

BUNDLED WITH
   2.5.0